GEM
  remote: https://rubygems.org/
  specs:
    activesupport (5.1.5)
      concurrent-ruby (~> 1.0, >= 1.0.2)
      i18n (~> 0.7)
      minitest (~> 5.1)
      tzinfo (~> 1.1)
    amq-protocol (2.3.0)
    awesome_print (1.8.0)
    bunny (2.9.2)
      amq-protocol (~> 2.3.0)
    carrot-top (0.0.7)
      json
    concurrent-ruby (1.0.5)
    hutch (0.25.0)
      activesupport (>= 4.2, < 6)
      bunny (~> 2.9.0)
      carrot-top (~> 0.0.7)
      multi_json (~> 1.12)
    i18n (0.9.5)
      concurrent-ruby (~> 1.0)
    json (2.1.0)
    minitest (5.11.3)
    multi_json (1.13.1)
    rake (12.3.3)
    thread_safe (0.3.6)
    tzinfo (1.2.5)
      thread_safe (~> 0.1)

PLATFORMS
  ruby

DEPENDENCIES
  awesome_print (~> 1.8)
  hutch
  rake (~> 12.3)

BUNDLED WITH
   1.16.1
